GEM
  remote: https://rubygems.org/
  specs:
    docile (1.1.5)
    erubis (2.7.0)
    flay (2.10.0)
      erubis (~> 2.7.0)
      path_expander (~> 1.0)
      ruby_parser (~> 3.0)
      sexp_processor (~> 4.0)
    flog (4.6.1)
      path_expander (~> 1.0)
      ruby_parser (~> 3.1, > 3.1.0)
      sexp_processor (~> 4.8)
    json (2.1.0)
    minitest (5.10.3)
    path_expander (1.0.2)
    rake (10.5.0)
    ruby_parser (3.10.1)
      sexp_processor (~> 4.9)
    sexp_processor (4.10.0)
    simplecov (0.14.1)
      docile (~> 1.1.0)
      json (>= 1.8, < 3)
      simplecov-html (~> 0.10.0)
    simplecov-html (0.10.1)

PLATFORMS
  ruby

DEPENDENCIES
  bundler (~> 1.14)
  flay
  flog
  minitest (~> 5.0)
  rake (~> 10.0)
  simplecov

BUNDLED WITH
   1.14.6
